GIT
  remote: https://github.com/rodjek/rspec-puppet.git
  revision: 389f99ef666521fec1b4530fe69dc1ab84a060a8
  specs:
    rspec-puppet (1.0.1)
      rspec

GEM
  remote: http://rubygems.org/
  specs:
    CFPropertyList (2.2.8)
    activemodel (4.1.5)
      activesupport (= 4.1.5)
      builder (~> 3.1)
    activesupport (4.1.5)
      i18n (~> 0.6, >= 0.6.9)
      json (~> 1.7, >= 1.7.7)
      minitest (~> 5.1)
      thread_safe (~> 0.1)
      tzinfo (~> 1.1)
    addressable (2.3.6)
    archive-tar-minitar (0.5.2)
    autoparse (0.3.3)
      addressable (>= 2.3.1)
      extlib (>= 0.9.15)
      multi_json (>= 1.0.0)
    aws-sdk (1.42.0)
      json (~> 1.4)
      nokogiri (>= 1.4.4)
    backports (3.6.0)
    beaker (1.17.5)
      aws-sdk (= 1.42.0)
      blimpy (~> 0.6)
      docker-api
      fission (~> 0.4)
      google-api-client (~> 0.7.1)
      hocon (~> 0.0.4)
      inifile (~> 2.0)
      json (~> 1.8)
      mime-types (~> 1.25)
      net-scp (~> 1.1)
      net-ssh (~> 2.6)
      nokogiri (~> 1.5.10)
      rbvmomi (= 1.8.1)
      unf (~> 0.1)
    beaker-rspec (2.2.6)
      beaker (~> 1.10)
      rspec
      serverspec (~> 1.0)
      specinfra (~> 1.0)
    blimpy (0.6.7)
      fog
      minitar
      thor
    builder (3.2.2)
    celluloid (0.15.2)
      timers (~> 1.1.0)
    coderay (1.1.0)
    diff-lcs (1.2.5)
    docker-api (1.13.2)
      archive-tar-minitar
      excon (>= 0.38.0)
      json
    ethon (0.7.1)
      ffi (>= 1.3.0)
    excon (0.39.5)
    extlib (0.9.16)
    facter (2.2.0)
      CFPropertyList (~> 2.2.6)
    faraday (0.9.0)
      multipart-post (>= 1.2, < 3)
    faraday_middleware (0.9.1)
      faraday (>= 0.7.4, < 0.10)
    ffi (1.9.3)
    fission (0.5.0)
      CFPropertyList (~> 2.2)
    fog (1.23.0)
      fog-brightbox
      fog-core (~> 1.23)
      fog-json
      fog-softlayer
      ipaddress (~> 0.5)
      nokogiri (~> 1.5, >= 1.5.11)
    fog-brightbox (0.3.0)
      fog-core (~> 1.22)
      fog-json
      inflecto
    fog-core (1.24.0)
      builder
      excon (~> 0.38)
      formatador (~> 0.2)
      mime-types
      net-scp (~> 1.1)
      net-ssh (>= 2.1.3)
    fog-json (1.0.0)
      multi_json (~> 1.0)
    fog-softlayer (0.3.15)
      fog-core
      fog-json
    formatador (0.2.5)
    gh (0.13.2)
      addressable
      backports
      faraday (~> 0.8)
      multi_json (~> 1.0)
      net-http-persistent (>= 2.7)
      net-http-pipeline
    google-api-client (0.7.1)
      addressable (>= 2.3.2)
      autoparse (>= 0.3.3)
      extlib (>= 0.9.15)
      faraday (>= 0.9.0)
      jwt (>= 0.1.5)
      launchy (>= 2.1.1)
      multi_json (>= 1.0.0)
      retriable (>= 1.4)
      signet (>= 0.5.0)
      uuidtools (>= 2.1.0)
    guard (2.6.1)
      formatador (>= 0.2.4)
      listen (~> 2.7)
      lumberjack (~> 1.0)
      pry (>= 0.9.12)
      thor (>= 0.18.1)
    guard-rake (0.0.9)
      guard
      rake
    her (0.7.2)
      activemodel (>= 3.0.0, < 4.2)
      activesupport (>= 3.0.0, < 4.2)
      faraday (>= 0.8, < 1.0)
      multi_json (~> 1.7)
    hiera (1.3.4)
      json_pure
    highline (1.6.21)
    hocon (0.0.4)
    i18n (0.6.11)
    inflecto (0.0.2)
    inifile (2.0.2)
    ipaddress (0.8.0)
    json (1.8.1)
    json_pure (1.8.1)
    jwt (1.0.0)
    kitchen-ec2 (0.8.0)
      fog
      test-kitchen (~> 1.0)
    kitchen-puppet (0.0.12)
    kitchen-sync (1.0.1)
      net-sftp
      test-kitchen (>= 1.0.0)
    kitchen-vagrant (0.15.0)
      test-kitchen (~> 1.0)
    launchy (2.4.2)
      addressable (~> 2.3)
    librarian (0.1.2)
      highline
      thor (~> 0.15)
    librarian-puppet (1.3.2)
      librarian (>= 0.1.2)
      puppet_forge
    listen (2.7.9)
      celluloid (>= 0.15.2)
      rb-fsevent (>= 0.9.3)
      rb-inotify (>= 0.9)
    lumberjack (1.0.9)
    metaclass (0.0.4)
    method_source (0.8.2)
    mime-types (1.25.1)
    minitar (0.5.4)
    minitest (5.4.0)
    mixlib-shellout (1.4.0)
    mocha (1.1.0)
      metaclass (~> 0.0.1)
    multi_json (1.10.1)
    multipart-post (2.0.0)
    net-http-persistent (2.9.4)
    net-http-pipeline (1.0.1)
    net-scp (1.2.1)
      net-ssh (>= 2.6.5)
    net-sftp (2.1.2)
      net-ssh (>= 2.6.5)
    net-ssh (2.9.1)
    netrc (0.7.7)
    nokogiri (1.5.11)
    pry (0.9.12.6)
      coderay (~> 1.0)
      method_source (~> 0.8)
      slop (~> 3.4)
    puppet (3.6.2)
      facter (> 1.6, < 3)
      hiera (~> 1.0)
      json_pure
      rgen (~> 0.6.5)
    puppet-blacksmith (2.3.1)
      nokogiri
      puppet (>= 2.7.16)
      rest-client
    puppet-lint (1.0.1)
    puppet-syntax (1.3.0)
      rake
    puppet_forge (1.0.3)
      her (~> 0.6)
    puppetlabs_spec_helper (0.8.1)
      mocha
      puppet-lint
      puppet-syntax
      rake
      rspec
      rspec-puppet
    pusher-client (0.6.0)
      json
      websocket (~> 1.0)
    rake (10.3.2)
    rb-fsevent (0.9.4)
    rb-inotify (0.9.5)
      ffi (>= 0.5.0)
    rbvmomi (1.8.1)
      builder
      nokogiri (>= 1.4.1)
      trollop
    rest-client (1.7.2)
      mime-types (>= 1.16, < 3.0)
      netrc (~> 0.7)
    retriable (1.4.1)
    rgen (0.6.6)
    rspec (2.99.0)
      rspec-core (~> 2.99.0)
      rspec-expectations (~> 2.99.0)
      rspec-mocks (~> 2.99.0)
    rspec-core (2.99.2)
    rspec-expectations (2.99.2)
      diff-lcs (>= 1.1.3, < 2.0)
    rspec-its (1.0.1)
      rspec-core (>= 2.99.0.beta1)
      rspec-expectations (>= 2.99.0.beta1)
    rspec-mocks (2.99.2)
    safe_yaml (1.0.3)
    serverspec (1.14.0)
      highline
      net-ssh
      rspec (~> 2.99)
      rspec-its
      specinfra (~> 1.25)
    signet (0.5.1)
      addressable (>= 2.2.3)
      faraday (>= 0.9.0.rc5)
      jwt (>= 0.1.5)
      multi_json (>= 1.0.0)
    slop (3.6.0)
    specinfra (1.25.8)
    test-kitchen (1.2.1)
      mixlib-shellout (~> 1.2)
      net-scp (~> 1.1)
      net-ssh (~> 2.7)
      safe_yaml (~> 1.0)
      thor (~> 0.18)
    thor (0.19.1)
    thread_safe (0.3.4)
    timers (1.1.0)
    travis (1.7.1)
      addressable (~> 2.3)
      backports
      faraday (~> 0.9)
      faraday_middleware (~> 0.9, >= 0.9.1)
      gh (~> 0.13)
      highline (~> 1.6)
      launchy (~> 2.1)
      pry (~> 0.9, < 0.10)
      pusher-client (~> 0.4)
      typhoeus (~> 0.6, >= 0.6.8)
    travis-lint (2.0.0)
      json
    trollop (2.0)
    typhoeus (0.6.9)
      ethon (>= 0.7.1)
    tzinfo (1.2.2)
      thread_safe (~> 0.1)
    unf (0.1.4)
      unf_ext
    unf_ext (0.0.6)
    uuidtools (2.1.5)
    vagrant-wrapper (1.2.1.1)
    websocket (1.2.0)

PLATFORMS
  ruby

DEPENDENCIES
  beaker
  beaker-rspec
  guard-rake
  kitchen-ec2
  kitchen-puppet
  kitchen-sync
  kitchen-vagrant
  librarian-puppet
  puppet (~> 3.6.1)
  puppet-blacksmith
  puppet-lint
  puppet-syntax
  puppetlabs_spec_helper
  rake
  rspec (< 3.0.0)
  rspec-puppet!
  test-kitchen
  travis
  travis-lint
  vagrant-wrapper
